GEM
  remote: https://rubygems.org/
  specs:
    dotenv (2.0.1)
    foreman (0.78.0)
      thor (~> 0.19.1)
    iconv (1.0.4)
    kgio (2.9.3)
    pg (0.18.2)
    rack (1.6.1)
    rack-protection (1.5.3)
      rack
    raindrops (0.13.0)
    sequel (4.22.0)
    sinatra (1.4.6)
      rack (~> 1.4)
      rack-protection (~> 1.4)
      tilt (>= 1.3, < 3)
    thor (0.19.1)
    tilt (2.0.1)
    unicorn (4.9.0)
      kgio (~> 2.6)
      rack
      raindrops (~> 0.7)

PLATFORMS
  ruby

DEPENDENCIES
  dotenv
  foreman
  iconv
  pg
  sequel
  sinatra
  unicorn
