GEM
  remote: https://rubygems.org/
  specs:
    concurrent-ruby (1.0.5)
    dotenv (2.5.0)
    elastic-apm (1.0.1)
      concurrent-ruby (~> 1.0.0)
    iconv (1.0.5)
    mustermann (1.0.2)
    puma (3.12.0)
    rack (2.0.5)
    rack-protection (2.0.3)
      rack
    sequel (5.11.0)
    sinatra (2.0.3)
      mustermann (~> 1.0)
      rack (~> 2.0)
      rack-protection (= 2.0.3)
      tilt (~> 2.0)
    sqlite3 (1.3.13)
    tilt (2.0.8)

PLATFORMS
  ruby

DEPENDENCIES
  dotenv
  elastic-apm
  iconv
  puma
  sequel
  sinatra
  sqlite3

RUBY VERSION
   ruby 2.5.1p57

BUNDLED WITH
   1.16.2
