GEM
  remote: https://rubygems.org/
  specs:
    sequel (4.4.0)
    sqlite3 (1.3.8)

PLATFORMS
  ruby

DEPENDENCIES
  sequel
  sqlite3
