GIT
  remote: https://github.com/elastic/apm-agent-ruby
  revision: 89ac1c139ca2bcf9e7648a4f2e7bebd59c775d49
  branch: remove-active-support
  specs:
    elastic-apm (0.6.2)

GEM
  remote: https://rubygems.org/
  specs:
    dotenv (2.4.0)
    iconv (1.0.5)
    mustermann (1.0.2)
    puma (3.11.4)
    rack (2.0.5)
    rack-protection (2.0.2)
      rack
    sequel (5.9.0)
    sinatra (2.0.2)
      mustermann (~> 1.0)
      rack (~> 2.0)
      rack-protection (= 2.0.2)
      tilt (~> 2.0)
    sqlite3 (1.3.13)
    tilt (2.0.8)

PLATFORMS
  ruby

DEPENDENCIES
  dotenv
  elastic-apm!
  iconv
  puma
  sequel
  sinatra
  sqlite3

RUBY VERSION
   ruby 2.5.1p57

BUNDLED WITH
   1.16.1
