GEM
  remote: https://rubygems.org/
  specs:
    dotenv (2.1.1)
    iconv (1.0.4)
    puma (3.8.2)
    rack (1.6.4)
    rack-protection (1.5.3)
      rack
    sequel (4.37.0)
    sinatra (1.4.7)
      rack (~> 1.5)
      rack-protection (~> 1.4)
      tilt (>= 1.3, < 3)
    sqlite3 (1.3.11)
    tilt (2.0.5)

PLATFORMS
  ruby

DEPENDENCIES
  dotenv
  iconv
  puma
  sequel
  sinatra
  sqlite3

RUBY VERSION
   ruby 2.3.3p222

BUNDLED WITH
   1.14.6
