GIT
  remote: https://github.com/opbeat/opbeat-ruby
  revision: bd67a83e52824245bd843bc8f0c6fea6f76acffc
  specs:
    opbeat (3.0.0)
      activesupport (>= 3.0.0)

GEM
  remote: https://rubygems.org/
  specs:
    activesupport (4.2.5.1)
      i18n (~> 0.7)
      json (~> 1.7, >= 1.7.7)
      minitest (~> 5.1)
      thread_safe (~> 0.3, >= 0.3.4)
      tzinfo (~> 1.1)
    dotenv (2.1.0)
    foreman (0.78.0)
      thor (~> 0.19.1)
    i18n (0.7.0)
    iconv (1.0.4)
    json (1.8.3)
    kgio (2.10.0)
    minitest (5.8.4)
    pg (0.18.4)
    rack (1.6.4)
    rack-protection (1.5.3)
      rack
    raindrops (0.15.0)
    sequel (4.30.0)
    sinatra (1.4.7)
      rack (~> 1.5)
      rack-protection (~> 1.4)
      tilt (>= 1.3, < 3)
    sqlite3 (1.3.11)
    thor (0.19.1)
    thread_safe (0.3.5)
    tilt (2.0.2)
    tzinfo (1.2.2)
      thread_safe (~> 0.1)
    unicorn (5.0.1)
      kgio (~> 2.6)
      rack
      raindrops (~> 0.7)

PLATFORMS
  ruby

DEPENDENCIES
  dotenv
  foreman
  iconv
  opbeat!
  pg
  sequel
  sinatra
  sqlite3
  unicorn

BUNDLED WITH
   1.11.2
